STORAGE: NONE

GROUP paket2bazel_dependencies
RESTRICTION: == net9.0
NUGET
  remote: https://api.nuget.org/v3/index.json
    Argu (6.2.3)
      FSharp.Core (>= 4.3.2)
      System.Configuration.ConfigurationManager (>= 4.4)
    Chessie (0.6)
      FSharp.Core (>= 4.0.1.7-alpha)
      NETStandard.Library (>= 1.6)
    FSharp.Core (9.0.300)
    Microsoft.CSharp (4.7)
    Microsoft.Extensions.FileProviders.Abstractions (8.0)
      Microsoft.Extensions.Primitives (>= 8.0)
    Microsoft.Extensions.FileSystemGlobbing (8.0)
    Microsoft.Extensions.Primitives (8.0)
    Microsoft.NETCore.Platforms (6.0.5)
    Microsoft.Web.Xdt (3.1)
    Microsoft.Win32.SystemEvents (6.0.1)
    Mono.Cecil (0.11.4)
    NETStandard.Library (2.0.3)
      Microsoft.NETCore.Platforms (>= 1.1)
    Newtonsoft.Json (13.0.3)
    NuGet.Commands (6.12.1)
      Microsoft.Extensions.FileProviders.Abstractions (>= 6.0)
      Microsoft.Extensions.FileSystemGlobbing (>= 6.0)
      NuGet.Credentials (>= 6.12.1)
      NuGet.ProjectModel (>= 6.12.1)
    NuGet.Common (6.12.1)
      NuGet.Frameworks (>= 6.12.1)
    NuGet.Configuration (6.12.1)
      NuGet.Common (>= 6.12.1)
      System.Security.Cryptography.ProtectedData (>= 4.4)
    NuGet.Credentials (6.12.1)
      NuGet.Protocol (>= 6.12.1)
    NuGet.DependencyResolver.Core (6.12.1)
      NuGet.Configuration (>= 6.12.1)
      NuGet.LibraryModel (>= 6.12.1)
      NuGet.Protocol (>= 6.12.1)
    NuGet.Frameworks (6.12.1)
    NuGet.LibraryModel (6.12.1)
      NuGet.Common (>= 6.12.1)
      NuGet.Versioning (>= 6.12.1)
    NuGet.PackageManagement (6.12.1)
      Microsoft.CSharp (>= 4.3)
      Microsoft.Web.Xdt (>= 3.0)
      NuGet.Commands (>= 6.12.1)
      NuGet.Resolver (>= 6.12.1)
      System.ComponentModel.Composition (>= 4.5)
    Nuget.Packaging (6.12.1)
      Newtonsoft.Json (>= 13.0.3)
      NuGet.Configuration (>= 6.12.1)
      NuGet.Versioning (>= 6.12.1)
      System.Formats.Asn1 (>= 8.0.1)
      System.Security.Cryptography.Pkcs (>= 6.0.4)
    NuGet.ProjectModel (6.12.1)
      NuGet.DependencyResolver.Core (>= 6.12.1)
    NuGet.Protocol (6.12.1)
      Nuget.Packaging (>= 6.12.1)
    NuGet.Resolver (6.12.1)
      NuGet.Protocol (>= 6.12.1)
    NuGet.Versioning (6.12.1)
    Paket.Core (9.0)
      Chessie (>= 0.6)
      FSharp.Core (>= 8.0.400)
      Mono.Cecil (>= 0.11.3 < 0.12)
      Newtonsoft.Json (>= 13.0.1)
      Nuget.Packaging (>= 5.9.1)
      System.Net.Http.WinHttpHandler (>= 5.0)
      System.Security.Cryptography.ProtectedData (>= 5.0)
    System.ComponentModel.Composition (6.0)
    System.Configuration.ConfigurationManager (6.0)
      System.Security.Cryptography.ProtectedData (>= 6.0)
      System.Security.Permissions (>= 6.0)
    System.Drawing.Common (6.0)
      Microsoft.Win32.SystemEvents (>= 6.0)
    System.Formats.Asn1 (9.0)
    System.Net.Http.WinHttpHandler (6.0.1)
    System.Security.AccessControl (6.0)
    System.Security.Cryptography.Pkcs (8.0)
      System.Formats.Asn1 (>= 8.0)
    System.Security.Cryptography.ProtectedData (6.0)
    System.Security.Permissions (6.0)
      System.Security.AccessControl (>= 6.0)
      System.Windows.Extensions (>= 6.0)
    System.Text.Json (9.0)
    System.Windows.Extensions (6.0)
      System.Drawing.Common (>= 6.0)

GROUP rules_dotnet_dev_nuget_packages
RESTRICTION: || (== net9.0) (== netstandard2.0) (== netstandard2.1)
NUGET
  remote: https://api.nuget.org/v3/index.json
    FSharp.Core (9.0.300)
    FSharp.Data (4.2.7)
      FSharp.Core (>= 4.7.2)
    LibGit2Sharp (0.27.0-preview-0182)
      LibGit2Sharp.NativeBinaries (2.0.315-alpha.0.9)
    LibGit2Sharp.NativeBinaries (2.0.315-alpha.0.9)
    Magick.NET.Core (12.2.2)
    Microsoft.Bcl.AsyncInterfaces (8.0) - restriction: || (&& (== net9.0) (>= net462)) (&& (== net9.0) (< net6.0)) (== netstandard2.0) (== netstandard2.1)
      System.Threading.Tasks.Extensions (>= 4.5.4) - restriction: || (&& (== net9.0) (>= net462)) (&& (== net9.0) (< netstandard2.1)) (== netstandard2.0) (&& (== netstandard2.1) (>= net462))
    Microsoft.CodeAnalysis.Analyzers (3.3.4)
    Microsoft.CodeAnalysis.Common (4.9.2)
      Microsoft.CodeAnalysis.Analyzers (>= 3.3.4)
      System.Collections.Immutable (>= 8.0)
      System.Memory (>= 4.5.5) - restriction: || (&& (== net9.0) (< net6.0)) (== netstandard2.0) (== netstandard2.1)
      System.Reflection.Metadata (>= 8.0)
      System.Runtime.CompilerServices.Unsafe (>= 6.0)
      System.Text.Encoding.CodePages (>= 8.0) - restriction: || (&& (== net9.0) (< net6.0)) (== netstandard2.0) (== netstandard2.1)
      System.Threading.Tasks.Extensions (>= 4.5.4) - restriction: || (&& (== net9.0) (< net6.0)) (== netstandard2.0) (== netstandard2.1)
    Microsoft.CodeAnalysis.CSharp (4.9.2)
      Microsoft.CodeAnalysis.Common (4.9.2)
    Microsoft.NETFramework.ReferenceAssemblies.net48 (1.0.3)
    System.Buffers (4.5.1) - restriction: || (&& (== net9.0) (>= net462)) (&& (== net9.0) (< net6.0)) (== netstandard2.0) (== netstandard2.1)
    System.Collections.Immutable (8.0)
      System.Memory (>= 4.5.5) - restriction: || (&& (== net9.0) (>= net462)) (&& (== net9.0) (< net6.0)) (== netstandard2.0) (== netstandard2.1)
      System.Runtime.CompilerServices.Unsafe (>= 6.0) - restriction: || (&& (== net9.0) (>= net462)) (&& (== net9.0) (< net6.0)) (&& (== net9.0) (< net7.0)) (== netstandard2.0) (== netstandard2.1)
    System.Memory (4.5.5)
      System.Buffers (>= 4.5.1) - restriction: || (&& (== net9.0) (>= monotouch)) (&& (== net9.0) (>= net461)) (&& (== net9.0) (< netcoreapp2.0)) (&& (== net9.0) (< netstandard1.1)) (&& (== net9.0) (< netstandard2.0)) (&& (== net9.0) (>= xamarinios)) (&& (== net9.0) (>= xamarinmac)) (&& (== net9.0) (>= xamarintvos)) (&& (== net9.0) (>= xamarinwatchos)) (== netstandard2.0) (== netstandard2.1)
      System.Numerics.Vectors (>= 4.4) - restriction: || (&& (== net9.0) (< netcoreapp2.0)) (== netstandard2.0) (== netstandard2.1)
      System.Runtime.CompilerServices.Unsafe (>= 4.5.3) - restriction: || (&& (== net9.0) (>= monotouch)) (&& (== net9.0) (>= net461)) (&& (== net9.0) (< netcoreapp2.0)) (&& (== net9.0) (< netcoreapp2.1)) (&& (== net9.0) (< netstandard1.1)) (&& (== net9.0) (< netstandard2.0)) (&& (== net9.0) (>= uap10.1)) (&& (== net9.0) (>= xamarinios)) (&& (== net9.0) (>= xamarinmac)) (&& (== net9.0) (>= xamarintvos)) (&& (== net9.0) (>= xamarinwatchos)) (== netstandard2.0) (== netstandard2.1)
    System.Numerics.Vectors (4.5) - restriction: || (&& (== net9.0) (>= net462)) (&& (== net9.0) (< net6.0)) (== netstandard2.0) (== netstandard2.1)
    System.Reflection.Metadata (8.0)
      System.Collections.Immutable (>= 8.0)
      System.Memory (>= 4.5.5) - restriction: || (&& (== net9.0) (>= net462)) (&& (== net9.0) (< net6.0)) (== netstandard2.0) (== netstandard2.1)
    System.Runtime.CompilerServices.Unsafe (6.0)
    System.Security.Principal.Windows (5.0)
    System.Text.Encoding.CodePages (8.0) - restriction: || (&& (== net9.0) (< net6.0)) (== netstandard2.0) (== netstandard2.1)
      System.Memory (>= 4.5.5) - restriction: || (&& (== net9.0) (>= net462)) (&& (== net9.0) (< net6.0)) (== netstandard2.0) (== netstandard2.1)
      System.Runtime.CompilerServices.Unsafe (>= 6.0) - restriction: || (&& (== net9.0) (>= net462)) (&& (== net9.0) (< net6.0)) (&& (== net9.0) (< net7.0)) (== netstandard2.0) (== netstandard2.1)
    System.Text.Encodings.Web (7.0)
      System.Buffers (>= 4.5.1) - restriction: || (&& (== net9.0) (>= net462)) (&& (== net9.0) (< net6.0)) (== netstandard2.0) (== netstandard2.1)
      System.Memory (>= 4.5.5) - restriction: || (&& (== net9.0) (>= net462)) (&& (== net9.0) (< net6.0)) (== netstandard2.0) (== netstandard2.1)
      System.Runtime.CompilerServices.Unsafe (>= 6.0) - restriction: || (&& (== net9.0) (>= net462)) (&& (== net9.0) (< net6.0)) (&& (== net9.0) (< net7.0)) (== netstandard2.0) (== netstandard2.1)
    System.Text.Json (7.0.3)
      Microsoft.Bcl.AsyncInterfaces (>= 7.0) - restriction: || (&& (== net9.0) (>= net462)) (&& (== net9.0) (< net6.0)) (== netstandard2.0) (== netstandard2.1)
      System.Buffers (>= 4.5.1) - restriction: || (&& (== net9.0) (>= net462)) (&& (== net9.0) (< net6.0)) (== netstandard2.0) (== netstandard2.1)
      System.Memory (>= 4.5.5) - restriction: || (&& (== net9.0) (>= net462)) (&& (== net9.0) (< net6.0)) (== netstandard2.0) (== netstandard2.1)
      System.Numerics.Vectors (>= 4.5) - restriction: || (&& (== net9.0) (>= net462)) (&& (== net9.0) (< net6.0)) (== netstandard2.0) (== netstandard2.1)
      System.Runtime.CompilerServices.Unsafe (>= 6.0) - restriction: || (&& (== net9.0) (>= net462)) (&& (== net9.0) (< net6.0)) (&& (== net9.0) (< net7.0)) (== netstandard2.0) (== netstandard2.1)
      System.Text.Encodings.Web (>= 7.0)
      System.Threading.Tasks.Extensions (>= 4.5.4) - restriction: || (&& (== net9.0) (>= net462)) (&& (== net9.0) (< net6.0)) (== netstandard2.0) (== netstandard2.1)
    System.Threading.Tasks.Extensions (4.5.4) - restriction: || (&& (== net9.0) (>= net462)) (&& (== net9.0) (< net6.0)) (&& (== net9.0) (< netstandard2.1)) (== netstandard2.0) (== netstandard2.1)
      System.Runtime.CompilerServices.Unsafe (>= 4.5.3) - restriction: || (&& (== net9.0) (>= net461)) (&& (== net9.0) (< netcoreapp2.1)) (&& (== net9.0) (< netstandard1.0)) (&& (== net9.0) (< netstandard2.0)) (&& (== net9.0) (>= wp8)) (== netstandard2.0) (== netstandard2.1)

GROUP rules_dotnet_nuget_packages
RESTRICTION: == net9.0
NUGET
  remote: https://api.nuget.org/v3/index.json
    Microsoft.NETCore.Platforms (6.0.5)
    NETStandard.Library (2.0.3)
      Microsoft.NETCore.Platforms (>= 1.1)
    NUnit (3.14)
      NETStandard.Library (>= 2.0)
    NUnitLite (3.14)
      NUnit (3.14)
