STORAGE: NONE
RESTRICTION: == net8.0
NUGET
  remote: https://api.nuget.org/v3/index.json
    FSharp.Core (8.0.100)
    Microsoft.NET.StringTools (17.13.9)
      System.Memory (>= 4.5.5)
      System.Runtime.CompilerServices.Unsafe (>= 6.0)
    Microsoft.NETCore.App.Ref (8.0)
    System.Memory (4.6)
    System.Runtime.CompilerServices.Unsafe (6.1)
